GEM
  remote: https://rubygems.org/
  specs:
    classifier-reborn (2.0.4)
      fast-stemmer (~> 1.0)
    fast-stemmer (1.0.2)
    rack (1.6.4)
    rack-protection (1.5.3)
      rack
    rake (11.1.1)
    ruby-progressbar (1.7.5)
    sinatra (1.4.7)
      rack (~> 1.5)
      rack-protection (~> 1.4)
      tilt (>= 1.3, < 3)
    tilt (2.0.2)

PLATFORMS
  ruby

DEPENDENCIES
  classifier-reborn
  rake
  ruby-progressbar
  sinatra

BUNDLED WITH
   1.11.2
