GEM
  remote: https://rubygems.org/
  specs:
    classifier-reborn (2.0.4)
      fast-stemmer (~> 1.0)
    fast-stemmer (1.0.2)
    rake (11.1.1)
    ruby-progressbar (1.7.5)

PLATFORMS
  ruby

DEPENDENCIES
  classifier-reborn
  rake
  ruby-progressbar

BUNDLED WITH
   1.11.2
